PATH
  remote: .
  specs:
    match_json_from_file (0.1.0)

GEM
  remote: https://rubygems.org/
  specs:
    diff-lcs (1.3)
    rake (10.5.0)
    rspec (3.7.0)
      rspec-core (~> 3.7.0)
      rspec-expectations (~> 3.7.0)
      rspec-mocks (~> 3.7.0)
    rspec-core (3.7.0)
      rspec-support (~> 3.7.0)
    rspec-expectations (3.7.0)
      diff-lcs (>= 1.2.0, < 2.0)
      rspec-support (~> 3.7.0)
    rspec-mocks (3.7.0)
      diff-lcs (>= 1.2.0, < 2.0)
      rspec-support (~> 3.7.0)
    rspec-support (3.7.0)

PLATFORMS
  ruby

DEPENDENCIES
  bundler (~> 1.16)
  match_json_from_file!
  rake (~> 10.0)
  rspec (~> 3.0)

RUBY VERSION
   ruby 2.4.2p198

BUNDLED WITH
   1.16.0
